GEM
  remote: https://rubygems.org/
  specs:
    extlz4 (0.2.5)
    sqlite3 (1.3.13)

PLATFORMS
  ruby

DEPENDENCIES
  extlz4
  sqlite3

BUNDLED WITH
   2.0.1
